NUGET
  remote: http://www.nuget.org/api/v2
    FAKE (4.64.13)
    FAKE.Dotnet (2.0)
    NuGet.CommandLine (4.7.1)
    Steinpilz.DevFlow.Fake (1.6.1)
